GEM
  remote: https://rubygems.org/
  specs:
    addressable (2.5.2)
      public_suffix (>= 2.0.2, < 4.0)
    ast (2.4.0)
    diff-lcs (1.3)
    facter (2.5.1-x64-mingw32)
      ffi (~> 1.9.5)
    fast_gettext (1.1.2)
    ffi (1.9.18-x64-mingw32)
    hiera (3.4.3)
    jaro_winkler (1.5.1)
    json-schema (2.8.0)
      addressable (>= 2.4)
    locale (2.1.2)
    metaclass (0.0.4)
    metadata-json-lint (2.1.0)
      json-schema (~> 2.8)
      spdx-licenses (~> 1.0)
    minitar (0.6.1)
    mocha (1.6.0)
      metaclass (~> 0.0.1)
    multi_json (1.13.1)
    parallel (1.12.1)
    parser (2.5.1.2)
      ast (~> 2.4.0)
    powerpack (0.1.2)
    public_suffix (3.0.2)
    puppet (5.5.3-x64-mingw32)
      facter (> 2.0.1, < 4)
      fast_gettext (~> 1.1.2)
      ffi (<= 1.9.18)
      hiera (>= 3.2.1, < 4)
      locale (~> 2.1)
      minitar (~> 0.6.1)
      multi_json (~> 1.10)
      win32-dir (= 0.4.9)
      win32-process (= 0.7.5)
      win32-security (= 0.2.5)
      win32-service (= 0.8.8)
    puppet-lint (2.3.6)
    puppet-syntax (2.4.1)
      rake
    puppetlabs_spec_helper (2.9.1)
      mocha (~> 1.0)
      puppet-lint (~> 2.0)
      puppet-syntax (~> 2.0)
      rspec-puppet (~> 2.0)
    rainbow (3.0.0)
    rake (12.0.0)
    rspec (3.7.0)
      rspec-core (~> 3.7.0)
      rspec-expectations (~> 3.7.0)
      rspec-mocks (~> 3.7.0)
    rspec-core (3.7.1)
      rspec-support (~> 3.7.0)
    rspec-expectations (3.7.0)
      diff-lcs (>= 1.2.0, < 2.0)
      rspec-support (~> 3.7.0)
    rspec-mocks (3.7.0)
      diff-lcs (>= 1.2.0, < 2.0)
      rspec-support (~> 3.7.0)
    rspec-puppet (2.6.14)
      rspec
    rspec-support (3.7.1)
    rubocop (0.58.2)
      jaro_winkler (~> 1.5.1)
      parallel (~> 1.10)
      parser (>= 2.5, != 2.5.1.1)
      powerpack (~> 0.1)
      rainbow (>= 2.2.2, < 4.0)
      ruby-progressbar (~> 1.7)
      unicode-display_width (~> 1.0, >= 1.0.1)
    ruby-progressbar (1.9.0)
    secret_server (0.1.0)
    spdx-licenses (1.2.0)
    unicode-display_width (1.4.0)
    win32-dir (0.4.9)
      ffi (>= 1.0.0)
    win32-process (0.7.5)
      ffi (>= 1.0.0)
    win32-security (0.2.5)
      ffi
    win32-service (0.8.8)
      ffi

PLATFORMS
  x64-mingw32

DEPENDENCIES
  facter (>= 1.7.0)
  metadata-json-lint
  puppet (>= 3.3)
  puppet-lint (>= 1.0.0)
  puppetlabs_spec_helper (>= 1.2.0)
  rspec-puppet
  rubocop
  secret_server

BUNDLED WITH
   1.16.3
